PATH
  remote: .
  specs:
    aws_support (1.1.1)
      aws-partitions (~> 1, >= 1.228.0)
      aws-sdk-core
      aws-sdk-secretsmanager

GEM
  remote: https://rubygems.org/
  specs:
    aws-eventstream (1.1.1)
    aws-partitions (1.486.0)
    aws-sdk-core (3.119.0)
      aws-eventstream (~> 1, >= 1.0.2)
      aws-partitions (~> 1, >= 1.239.0)
      aws-sigv4 (~> 1.1)
      jmespath (~> 1.0)
    aws-sdk-secretsmanager (1.48.0)
      aws-sdk-core (~> 3, >= 3.119.0)
      aws-sigv4 (~> 1.1)
    aws-sigv4 (1.2.4)
      aws-eventstream (~> 1, >= 1.0.2)
    diff-lcs (1.4.4)
    dotenv (2.7.5)
    io-console (0.5.6)
    irb (1.2.4)
      reline (>= 0.0.1)
    jmespath (1.4.0)
    rake (13.0.1)
    reline (0.1.4)
      io-console (~> 0.5)
    rspec (3.9.0)
      rspec-core (~> 3.9.0)
      rspec-expectations (~> 3.9.0)
      rspec-mocks (~> 3.9.0)
    rspec-core (3.9.2)
      rspec-support (~> 3.9.3)
    rspec-expectations (3.9.2)
      diff-lcs (>= 1.2.0, < 2.0)
      rspec-support (~> 3.9.0)
    rspec-mocks (3.9.1)
      diff-lcs (>= 1.2.0, < 2.0)
      rspec-support (~> 3.9.0)
    rspec-support (3.9.3)

PLATFORMS
  ruby

DEPENDENCIES
  aws_support!
  bundler (~> 1.17)
  dotenv (~> 2.7)
  irb
  rake (~> 13.0)
  rspec (~> 3.0)

BUNDLED WITH
   1.17.3
