GEM
  remote: https://gems.corp.tc/
  specs:
    aws-eventstream (1.2.0)
    aws-partitions (1.570.0)
    aws-sdk-core (3.130.0)
      aws-eventstream (~> 1, >= 1.0.2)
      aws-partitions (~> 1, >= 1.525.0)
      aws-sigv4 (~> 1.1)
      jmespath (~> 1.0)
    aws-sdk-secretsmanager (1.59.0)
      aws-sdk-core (~> 3, >= 3.127.0)
      aws-sigv4 (~> 1.1)
    aws-sigv4 (1.4.0)
      aws-eventstream (~> 1, >= 1.0.2)
    aws_support (1.1.1)
      aws-partitions (~> 1, >= 1.228.0)
      aws-sdk-core
      aws-sdk-secretsmanager
    jmespath (1.6.1)

PLATFORMS
  ruby

DEPENDENCIES
  aws_support

BUNDLED WITH
   2.1.4
